GEM
  remote: https://rubygems.org/
  specs:
    altcha (0.2.0)
    base64 (0.2.0)
    dotenv (2.8.1)
    json (2.7.2)
    mustermann (3.0.1)
      ruby2_keywords (~> 0.0.1)
    rack (2.2.9)
    rack-protection (3.2.0)
      base64 (>= 0.1.0)
      rack (~> 2.2, >= 2.2.4)
    ruby2_keywords (0.0.5)
    sinatra (3.2.0)
      mustermann (~> 3.0)
      rack (~> 2.2, >= 2.2.4)
      rack-protection (= 3.2.0)
      tilt (~> 2.0)
    tilt (2.4.0)
    webrick (1.8.1)

PLATFORMS
  arm64-darwin-23
  ruby

DEPENDENCIES
  altcha (~> 0.2)
  dotenv (~> 2.7)
  json
  sinatra (~> 3.0)
  webrick (~> 1.8)

BUNDLED WITH
   2.5.11
